GEM
  remote: https://rubygems.org/
  specs:
    autoprefixer-rails (6.2.1)
      execjs
      json
    breakpoint (2.5.0)
      sass (~> 3.3)
      sassy-maps (< 1.0.0)
    chunky_png (1.3.5)
    compass (1.0.3)
      chunky_png (~> 1.2)
      compass-core (~> 1.0.2)
      compass-import-once (~> 1.0.5)
      rb-fsevent (>= 0.9.3)
      rb-inotify (>= 0.9)
      sass (>= 3.3.13, < 3.5)
    compass-core (1.0.3)
      multi_json (~> 1.0)
      sass (>= 3.3.0, < 3.5)
    compass-import-once (1.0.5)
      sass (>= 3.2, < 3.5)
    execjs (2.6.0)
    ffi (1.9.10)
    json (1.8.3)
    multi_json (1.11.2)
    rb-fsevent (0.9.6)
    rb-inotify (0.9.5)
      ffi (>= 0.5.0)
    sass (3.4.20)
    sassy-maps (0.4.0)
      sass (~> 3.3)
    susy (2.2.9)
      sass (>= 3.3.0, < 3.5)

PLATFORMS
  ruby

DEPENDENCIES
  autoprefixer-rails (= 6.2.1)
  breakpoint (= 2.5.0)
  compass (= 1.0.3)
  susy (= 2.2.9)

BUNDLED WITH
   1.10.6
